GEM
  remote: http://rubygems.org/
  specs:
    rb-fsevent (0.4.3.1)
    watchr (0.7)

PLATFORMS
  ruby

DEPENDENCIES
  rb-fsevent
  watchr
